PATH
  remote: .
  specs:
    b_dash (0.1.0)
      bcrypt_pbkdf
      ed25519
      net-sftp

GEM
  remote: https://rubygems.org/
  specs:
    bcrypt_pbkdf (1.1.0)
    diff-lcs (1.4.4)
    ed25519 (1.3.0)
    net-sftp (4.0.0)
      net-ssh (>= 5.0.0, < 8.0.0)
    net-ssh (7.0.1)
    rake (13.0.6)
    rspec (3.10.0)
      rspec-core (~> 3.10.0)
      rspec-expectations (~> 3.10.0)
      rspec-mocks (~> 3.10.0)
    rspec-core (3.10.1)
      rspec-support (~> 3.10.0)
    rspec-expectations (3.10.1)
      diff-lcs (>= 1.2.0, < 2.0)
      rspec-support (~> 3.10.0)
    rspec-mocks (3.10.2)
      diff-lcs (>= 1.2.0, < 2.0)
      rspec-support (~> 3.10.0)
    rspec-support (3.10.2)

PLATFORMS
  ruby

DEPENDENCIES
  b_dash!
  bundler (~> 2.0)
  rake (~> 13.0)
  rspec (~> 3.0)

BUNDLED WITH
   2.0.2
